GEM
  remote: https://rubygems.org/
  specs:
    activesupport (8.0.1)
      base64
      benchmark (>= 0.3)
      bigdecimal
      concurrent-ruby (~> 1.0, >= 1.3.1)
      connection_pool (>= 2.2.5)
      drb
      i18n (>= 1.6, < 2)
      logger (>= 1.4.2)
      minitest (>= 5.1)
      securerandom (>= 0.3)
      tzinfo (~> 2.0, >= 2.0.5)
      uri (>= 0.13.1)
    addressable (2.8.7)
      public_suffix (>= 2.0.2, < 7.0)
    amazing_print (1.7.2)
    ast (2.4.2)
    base64 (0.2.0)
    benchmark (0.4.0)
    benchmark-ips (2.14.0)
    bigdecimal (3.1.9)
    byebug (11.1.3)
    clipboard (2.0.0)
    coderay (1.1.3)
    command_kit (0.6.0)
    concurrent-ruby (1.3.5)
    connection_pool (2.5.0)
    diff-lcs (1.6.0)
    dotenv (3.1.7)
    drb (2.2.1)
    faraday (2.12.2)
      faraday-net_http (>= 2.0, < 3.5)
      json
      logger
    faraday-net_http (3.4.0)
      net-http (>= 0.5.0)
    fcom (0.14.2)
      activesupport (>= 6)
      memo_wise (>= 1.7)
      rainbow (>= 3.0)
      slop (~> 4.8)
    ffi (1.17.1)
    ffi (1.17.1-aarch64-linux-gnu)
    ffi (1.17.1-aarch64-linux-musl)
    ffi (1.17.1-arm-linux-gnu)
    ffi (1.17.1-arm-linux-musl)
    ffi (1.17.1-arm64-darwin)
    ffi (1.17.1-x86-linux-gnu)
    ffi (1.17.1-x86-linux-musl)
    ffi (1.17.1-x86_64-darwin)
    ffi (1.17.1-x86_64-linux-gnu)
    ffi (1.17.1-x86_64-linux-musl)
    formatador (1.1.0)
    guard (2.19.1)
      formatador (>= 0.2.4)
      listen (>= 2.7, < 4.0)
      logger (~> 1.6)
      lumberjack (>= 1.0.12, < 2.0)
      nenv (~> 0.1)
      notiffany (~> 0.0)
      ostruct (~> 0.6)
      pry (>= 0.13.0)
      shellany (~> 0.0)
      thor (>= 0.18.1)
    guard-compat (1.2.1)
    guard-shell (0.7.2)
      guard (>= 2.0.0)
      guard-compat (~> 1.0)
    i18n (1.14.7)
      concurrent-ruby (~> 1.0)
    json (2.10.1)
    language_server-protocol (3.17.0.4)
    listen (3.9.0)
      rb-fsevent (~> 0.10, >= 0.10.3)
      rb-inotify (~> 0.9, >= 0.9.10)
    living_document (2.1.0)
      activesupport (>= 6)
      memo_wise (>= 1.7)
      rb-inotify (>= 0.11.1)
      timecop (>= 0.9.10)
    logger (1.6.6)
    lumberjack (1.2.10)
    memo_wise (1.10.0)
    method_source (1.1.0)
    minitest (5.25.4)
    nenv (0.3.0)
    net-http (0.6.0)
      uri
    notiffany (0.1.3)
      nenv (~> 0.1)
      shellany (~> 0.0)
    octokit (9.2.0)
      faraday (>= 1, < 3)
      sawyer (~> 0.9)
    ostruct (0.6.1)
    parallel (1.26.3)
    parser (3.3.7.1)
      ast (~> 2.4.1)
      racc
    prism (1.3.0)
    pry (0.14.2)
      coderay (~> 1.1)
      method_source (~> 1.0)
    pry-byebug (3.10.1)
      byebug (~> 11.0)
      pry (>= 0.13, < 0.15)
    public_suffix (6.0.1)
    racc (1.8.1)
    rainbow (3.1.1)
    rb-fsevent (0.11.2)
    rb-inotify (0.11.1)
      ffi (~> 1.0)
    rbs (3.8.1)
      logger
    redis (5.3.0)
      redis-client (>= 0.22.0)
    redis-client (0.23.2)
      connection_pool
    regexp_parser (2.10.0)
    rspec (3.13.0)
      rspec-core (~> 3.13.0)
      rspec-expectations (~> 3.13.0)
      rspec-mocks (~> 3.13.0)
    rspec-core (3.13.3)
      rspec-support (~> 3.13.0)
    rspec-expectations (3.13.3)
      diff-lcs (>= 1.2.0, < 2.0)
      rspec-support (~> 3.13.0)
    rspec-mocks (3.13.2)
      diff-lcs (>= 1.2.0, < 2.0)
      rspec-support (~> 3.13.0)
    rspec-support (3.13.2)
    rubocop (1.71.2)
      json (~> 2.3)
      language_server-protocol (>= 3.17.0)
      parallel (~> 1.10)
      parser (>= 3.3.0.2)
      rainbow (>= 2.2.2, < 4.0)
      regexp_parser (>= 2.9.3, < 3.0)
      rubocop-ast (>= 1.38.0, < 2.0)
      ruby-progressbar (~> 1.7)
      unicode-display_width (>= 2.4.0, < 4.0)
    rubocop-ast (1.38.0)
      parser (>= 3.3.1.0)
    rubocop-performance (1.23.1)
      rubocop (>= 1.48.1, < 2.0)
      rubocop-ast (>= 1.31.1, < 2.0)
    rubocop-rspec (3.4.0)
      rubocop (~> 1.61)
    ruby-lsp (0.23.10)
      language_server-protocol (~> 3.17.0)
      prism (>= 1.2, < 2.0)
      rbs (>= 3, < 4)
      sorbet-runtime (>= 0.5.10782)
    ruby-progressbar (1.13.0)
    runger_style (5.1.0)
      prism (>= 0.24.0)
      rubocop (>= 1.68.0)
    sawyer (0.9.2)
      addressable (>= 2.3.5)
      faraday (>= 0.17.3, < 3)
    securerandom (0.4.1)
    shellany (0.0.1)
    slop (4.10.1)
    sorbet-runtime (0.5.11829)
    tapp (1.5.1)
      thor
    thor (1.3.2)
    timecop (0.9.10)
    tzinfo (2.0.6)
      concurrent-ruby (~> 1.0)
    unicode-display_width (3.1.4)
      unicode-emoji (~> 4.0, >= 4.0.4)
    unicode-emoji (4.0.4)
    uri (1.0.2)
    yard (0.9.37)

PLATFORMS
  aarch64-linux-gnu
  aarch64-linux-musl
  arm-linux-gnu
  arm-linux-musl
  arm64-darwin
  ruby
  x86-linux-gnu
  x86-linux-musl
  x86_64-darwin
  x86_64-linux-gnu
  x86_64-linux-musl

DEPENDENCIES
  activesupport
  amazing_print
  benchmark-ips
  clipboard
  command_kit
  dotenv
  fcom
  guard
  guard-shell
  living_document
  memo_wise
  octokit
  pry-byebug
  rainbow
  redis
  rspec
  rubocop
  rubocop-performance
  rubocop-rspec
  ruby-lsp
  runger_style
  slop
  tapp
  timecop
  yard

CHECKSUMS
  activesupport (8.0.1) sha256=fd5bc74641c24ac3541055c2879789198ff42adee3e39c2933289ba008912e37
  addressable (2.8.7) sha256=462986537cf3735ab5f3c0f557f14155d778f4b43ea4f485a9deb9c8f7c58232
  amazing_print (1.7.2) sha256=c89a1dfe4f8508c1e780871d51b8786efd100f625201f6e1d18a0d4dedaac702
  ast (2.4.2) sha256=1e280232e6a33754cde542bc5ef85520b74db2aac73ec14acef453784447cc12
  base64 (0.2.0) sha256=0f25e9b21a02a0cc0cea8ef92b2041035d39350946e8789c562b2d1a3da01507
  benchmark (0.4.0) sha256=0f12f8c495545e3710c3e4f0480f63f06b4c842cc94cec7f33a956f5180e874a
  benchmark-ips (2.14.0) sha256=b72bc8a65d525d5906f8cd94270dccf73452ee3257a32b89fbd6684d3e8a9b1d
  bigdecimal (3.1.9) sha256=2ffc742031521ad69c2dfc815a98e426a230a3d22aeac1995826a75dabfad8cc
  byebug (11.1.3) sha256=2485944d2bb21283c593d562f9ae1019bf80002143cc3a255aaffd4e9cf4a35b
  clipboard (2.0.0) sha256=88d048fd2097506451c382d3ecf3acd9cdf24f581d8119437e55c1efc04e01c8
  coderay (1.1.3) sha256=dc530018a4684512f8f38143cd2a096c9f02a1fc2459edcfe534787a7fc77d4b
  command_kit (0.6.0) sha256=e57f29cf5aee4f571c210041d910ff87f85749e42dfe75139c57cc93d84afa90
  concurrent-ruby (1.3.5) sha256=813b3e37aca6df2a21a3b9f1d497f8cbab24a2b94cab325bffe65ee0f6cbebc6
  connection_pool (2.5.0) sha256=233b92f8d38e038c1349ccea65dd3772727d669d6d2e71f9897c8bf5cd53ebfc
  diff-lcs (1.6.0) sha256=a1e7f7b272962f8fc769358ad00001b87cdcf32ba349d6c70c6b544613d2da2e
  dotenv (3.1.7) sha256=c670df478675d23889e657beaca6fb423228f75ce9f052a0690c0d0daa333cf3
  drb (2.2.1) sha256=e9d472bf785f558b96b25358bae115646da0dbfd45107ad858b0bc0d935cb340
  faraday (2.12.2) sha256=157339c25c7b8bcb739f5cf1207cb0cefe8fa1c65027266bcbc34c90c84b9ad6
  faraday-net_http (3.4.0) sha256=a1f1e4cd6a2cf21599c8221595e27582d9936819977bbd4089a601f24c64e54a
  fcom (0.14.2) sha256=106a960f6b2a3902e1c463f7a339b5a7f93efbcc7183a42a4bb69b4fa53820fd
  ffi (1.17.1) sha256=26f6b0dbd1101e6ffc09d3ca640b2a21840cc52731ad8a7ded9fb89e5fb0fc39
  ffi (1.17.1-aarch64-linux-gnu) sha256=c5d22cb545a3a691d46060f1343c461d1a8d38c3fd71b96b4cbbe6906bf1fd38
  ffi (1.17.1-aarch64-linux-musl) sha256=88b9d6ae905d21142df27c94bb300042c1aae41b67291885f600eaad16326b1d
  ffi (1.17.1-arm-linux-gnu) sha256=fe14f5ece94082f3b0e651a09008113281f2764e7ea95f522b64e2fe32e11504
  ffi (1.17.1-arm-linux-musl) sha256=df14927ca7bd9095148a7d1938bb762bbf189d190cf25d9547395ec7acc198a0
  ffi (1.17.1-arm64-darwin) sha256=a8e04f79d375742c54ee7f9fff4b4022b87200a4ec0eb082128d3b6559e67b4d
  ffi (1.17.1-x86-linux-gnu) sha256=01411c78cb3cff3c88cf67b2a7b24534e9b1638253d88581fef44c2083f6a174
  ffi (1.17.1-x86-linux-musl) sha256=02bcc7bbcff71e021ef05f43469f7c5074ab3422e415b287001bd890c9cbb1c6
  ffi (1.17.1-x86_64-darwin) sha256=0036199c290462dd7f03bc22933644c1685b7834a21788062bd5df48c72aa7a6
  ffi (1.17.1-x86_64-linux-gnu) sha256=8c0ade2a5d19f3672bccfe3b58e016ae5f159e3e2e741c856db87fcf07c903d0
  ffi (1.17.1-x86_64-linux-musl) sha256=3a343086820c96d6fbea4a5ef807fb69105b2b8174678f103b3db210c3f78401
  formatador (1.1.0) sha256=54e23e2af4d60bb9327c7fac62b29968e4cf28cee0111f726d0bdeadc85e06d0
  guard (2.19.1) sha256=b8bc52694be3d8b26730280de7dcec7fe92ea1cff3414246fe96af3f23580f3d
  guard-compat (1.2.1) sha256=3ad21ab0070107f92edfd82610b5cdc2fb8e368851e72362ada9703443d646fe
  guard-shell (0.7.2) sha256=c9cd104c597c51465f7bed623753f7f4cfb87cfbd0ff28bdda9a02f6605e436d
  i18n (1.14.7) sha256=ceba573f8138ff2c0915427f1fc5bdf4aa3ab8ae88c8ce255eb3ecf0a11a5d0f
  json (2.10.1) sha256=ddc88ad91a1baf3f0038c174f253af3b086d30dc74db17ca4259bbde982f94dc
  language_server-protocol (3.17.0.4) sha256=c484626478664fd13482d8180947c50a8590484b1258b99b7aedb3b69df89669
  listen (3.9.0) sha256=db9e4424e0e5834480385197c139cb6b0ae0ef28cc13310cfd1ca78377d59c67
  living_document (2.1.0) sha256=296f515d00cbbfb82e46c1f0fe168fdd7b23b23e500315488456b86e09c6330f
  logger (1.6.6) sha256=dd618d24e637715472732e7eed02e33cfbdf56deaad225edd0f1f89d38024017
  lumberjack (1.2.10) sha256=bbfe951629341095028ecbf1ad496b58bec3f8bcad6fe35a203a377839c42b6c
  memo_wise (1.10.0) sha256=ae40ff8e7799697ff5d59d739b8766f76be22eba69c7c8468edb42ab83c94c3f
  method_source (1.1.0) sha256=181301c9c45b731b4769bc81e8860e72f9161ad7d66dd99103c9ab84f560f5c5
  minitest (5.25.4) sha256=9cf2cae25ac4dfc90c988ebc3b917f53c054978b673273da1bd20bcb0778f947
  nenv (0.3.0) sha256=d9de6d8fb7072228463bf61843159419c969edb34b3cef51832b516ae7972765
  net-http (0.6.0) sha256=9621b20c137898af9d890556848c93603716cab516dc2c89b01a38b894e259fb
  notiffany (0.1.3) sha256=d37669605b7f8dcb04e004e6373e2a780b98c776f8eb503ac9578557d7808738
  octokit (9.2.0) sha256=4fa47ff35ce654127edf2c836ab9269bcc8829f5542dc1e86871f697ce7f4316
  ostruct (0.6.1) sha256=09a3fb7ecc1fa4039f25418cc05ae9c82bd520472c5c6a6f515f03e4988cb817
  parallel (1.26.3) sha256=d86babb7a2b814be9f4b81587bf0b6ce2da7d45969fab24d8ae4bf2bb4d4c7ef
  parser (3.3.7.1) sha256=7dbe61618025519024ac72402a6677ead02099587a5538e84371b76659e6aca1
  prism (1.3.0) sha256=b11620829831b1cb7e6c9b46c81ff8a6e36ccb3f888f164485eb7351f386273a
  pry (0.14.2) sha256=c4fe54efedaca1d351280b45b8849af363184696fcac1c72e0415f9bdac4334d
  pry-byebug (3.10.1) sha256=c8f975c32255bfdb29e151f5532130be64ff3d0042dc858d0907e849125581f8
  public_suffix (6.0.1) sha256=61d44e1cab5cbbbe5b31068481cf16976dd0dc1b6b07bd95617ef8c5e3e00c6f
  racc (1.8.1) sha256=4a7f6929691dbec8b5209a0b373bc2614882b55fc5d2e447a21aaa691303d62f
  rainbow (3.1.1) sha256=039491aa3a89f42efa1d6dec2fc4e62ede96eb6acd95e52f1ad581182b79bc6a
  rb-fsevent (0.11.2) sha256=43900b972e7301d6570f64b850a5aa67833ee7d87b458ee92805d56b7318aefe
  rb-inotify (0.11.1) sha256=a0a700441239b0ff18eb65e3866236cd78613d6b9f78fea1f9ac47a85e47be6e
  rbs (3.8.1) sha256=2b6ce37952e267e1d3ad330aabfadbdceac234193a60cc18f25a8f75fa949c1d
  redis (5.3.0) sha256=6bf810c5ae889187f0c45f77db503310980310afa57cf1640d57f419ccda72b1
  redis-client (0.23.2) sha256=e33bab6682c8155cfef95e6dd296936bb9c2981a89fb578ace27a076fa2836fa
  regexp_parser (2.10.0) sha256=cb6f0ddde88772cd64bff1dbbf68df66d376043fe2e66a9ef77fcb1b0c548c61
  rspec (3.13.0) sha256=d490914ac1d5a5a64a0e1400c1d54ddd2a501324d703b8cfe83f458337bab993
  rspec-core (3.13.3) sha256=25136507f4f9cf2e8977a2851e64e438b4331646054e345998714108745cdfe4
  rspec-expectations (3.13.3) sha256=0e6b5af59b900147698ea0ff80456c4f2e69cac4394fbd392fbd1ca561f66c58
  rspec-mocks (3.13.2) sha256=2327335def0e1665325a9b617e3af9ae20272741d80ac550336309a7c59abdef
  rspec-support (3.13.2) sha256=cea3a2463fd9b84b9dcc9685efd80ea701aa8f7b3decb3b3ce795ed67737dbec
  rubocop (1.71.2) sha256=9a7b7501aac661a338ed7ff2a5eba78e581759e1f0d3c82362b2ca217ed3f97f
  rubocop-ast (1.38.0) sha256=4fdf6792fe443a9a18acb12dbc8225d0d64cd1654e41fedb30e79c18edbb26ae
  rubocop-performance (1.23.1) sha256=f22f86a795f5e6a6180aac2c6fc172534b173a068d6ed3396d6460523e051b82
  rubocop-rspec (3.4.0) sha256=8721c13b6a8c9530a7ac481cea9423022f946fcf72428bda8289f8b57e4d4885
  ruby-lsp (0.23.10) sha256=71dfb08ff3bdc66f92c18e49f7ce3fe772b25804bcd08a4369f70bcad1534d6c
  ruby-progressbar (1.13.0) sha256=80fc9c47a9b640d6834e0dc7b3c94c9df37f08cb072b7761e4a71e22cff29b33
  runger_style (5.1.0) sha256=2518b1f636c87889acf3539b33fea8ab0703f3adcfac814985f4f0e91d13a400
  sawyer (0.9.2) sha256=fa3a72d62a4525517b18857ddb78926aab3424de0129be6772a8e2ba240e7aca
  securerandom (0.4.1) sha256=cc5193d414a4341b6e225f0cb4446aceca8e50d5e1888743fac16987638ea0b1
  shellany (0.0.1) sha256=0e127a9132698766d7e752e82cdac8250b6adbd09e6c0a7fbbb6f61964fedee7
  slop (4.10.1) sha256=844322b5ffcf17ed4815fdb173b04a20dd82b4fd93e3744c88c8fafea696d9c7
  sorbet-runtime (0.5.11829) sha256=777ae4c12b3be9577db5dccdcfc948e607635b8a074ea773b1e9a39f1b3bbd67
  tapp (1.5.1) sha256=2988d1cf968f3f830e9189ae5fa4d84ec4edde4417ff6bccce456eca1736373f
  thor (1.3.2) sha256=eef0293b9e24158ccad7ab383ae83534b7ad4ed99c09f96f1a6b036550abbeda
  timecop (0.9.10) sha256=12ba45ce57cdcf6b1043cb6cdffa6381fd89ce10d369c28a7f6f04dc1b0cd8eb
  tzinfo (2.0.6) sha256=8daf828cc77bcf7d63b0e3bdb6caa47e2272dcfaf4fbfe46f8c3a9df087a829b
  unicode-display_width (3.1.4) sha256=8caf2af1c0f2f07ec89ef9e18c7d88c2790e217c482bfc78aaa65eadd5415ac1
  unicode-emoji (4.0.4) sha256=2c2c4ef7f353e5809497126285a50b23056cc6e61b64433764a35eff6c36532a
  uri (1.0.2) sha256=b303504ceb7e5905771fa7fa14b649652fa949df18b5880d69cfb12494791e27
  yard (0.9.37) sha256=a6e910399e78e613f80ba9add9ba7c394b1a935f083cccbef82903a3d2a26992

RUBY VERSION
   ruby 3.4.1p0

BUNDLED WITH
   2.6.2
